GEM
  remote: http://rubygems.org/
  specs:
    jekyll-paginate (1.1.0)
    kramdown (1.14.0)

PLATFORMS
  ruby
  x64-mingw32

DEPENDENCIES
  jekyll-paginate
  kramdown

BUNDLED WITH
   1.15.3
